GEM
  remote: https://rubygems.org/
  specs:
    mail (2.7.1)
      mini_mime (>= 0.1.1)
    mini_mime (1.0.2)
    mustermann (2.0.2)
      ruby2_keywords (~> 0.0.1)
    newrelic_rpm (3.7.2.195)
    pony (1.8)
      mail (>= 2.0)
    rack (2.2.4)
    rack-flash3 (1.0.5)
      rack
    rack-protection (2.2.3)
      rack
    ruby2_keywords (0.0.5)
    shotgun (0.9)
      rack (>= 1.0)
    sinatra (2.2.3)
      mustermann (~> 2.0)
      rack (~> 2.2)
      rack-protection (= 2.2.3)
      tilt (~> 2.0)
    tilt (2.0.11)

PLATFORMS
  ruby

DEPENDENCIES
  newrelic_rpm
  pony
  rack-flash3
  shotgun
  sinatra

RUBY VERSION
   ruby 2.6.3p62

BUNDLED WITH
   1.17.3
